GEM
  remote: http://rubygems.org/
  specs:
    chunky_png (1.2.7)
    coderay (1.0.9)
    compass (0.12.2)
      chunky_png (~> 1.2)
      fssm (>= 0.2.7)
      sass (~> 3.1)
    em-websocket (0.5.0)
      eventmachine (>= 0.12.9)
      http_parser.rb (~> 0.5.3)
    eventmachine (1.0.3)
    fssm (0.2.10)
    guard (1.6.2)
      listen (>= 0.6.0)
      lumberjack (>= 1.0.2)
      pry (>= 0.9.10)
      terminal-table (>= 1.4.3)
      thor (>= 0.14.6)
    guard-haml (0.4)
      guard (>= 1.1)
      haml (>= 3.0)
    guard-livereload (1.1.3)
      em-websocket (>= 0.2.0)
      guard (>= 1.5.0)
      multi_json (~> 1.0)
    guard-sass (1.0.3)
      guard (>= 1.1.0)
      sass (>= 3.1)
    haml (4.0.0)
      tilt
    http_parser.rb (0.5.3)
    listen (0.7.3)
    lumberjack (1.0.2)
    method_source (0.8.1)
    multi_json (1.6.1)
    pry (0.9.12)
      coderay (~> 1.0.5)
      method_source (~> 0.8)
      slop (~> 3.4)
    rb-fsevent (0.9.3)
    redcarpet (2.2.2)
    rubygems-bundler (1.1.1)
    sass (3.2.7)
    slop (3.4.4)
    terminal-table (1.4.5)
    thor (0.17.0)
    tilt (1.3.5)

PLATFORMS
  ruby

DEPENDENCIES
  compass
  guard
  guard-haml
  guard-livereload
  guard-sass
  rb-fsevent
  redcarpet
  rubygems-bundler
